PATH
  remote: .
  specs:
    acts_as_time_trackable (0.0.1)
      time_diff (~> 0.3.0)

GEM
  remote: https://rubygems.org/
  specs:
    activesupport (4.2.10)
      i18n (~> 0.7)
      minitest (~> 5.1)
      thread_safe (~> 0.3, >= 0.3.4)
      tzinfo (~> 1.1)
    concurrent-ruby (1.0.5)
    docile (1.3.1)
    i18n (0.9.5)
      concurrent-ruby (~> 1.0)
    json (2.1.0)
    minitest (5.11.3)
    simplecov (0.16.1)
      docile (~> 1.1)
      json (>= 1.8, < 3)
      simplecov-html (~> 0.10.0)
    simplecov-html (0.10.2)
    sqlite3 (1.3.13)
    thread_safe (0.3.6)
    time_diff (0.3.0)
      activesupport
      i18n
    tzinfo (1.2.5)
      thread_safe (~> 0.1)

PLATFORMS
  ruby

DEPENDENCIES
  acts_as_time_trackable!
  simplecov
  sqlite3

BUNDLED WITH
   1.16.2
